GIT
  remote: git://github.com/livingsocial/rake-pipeline.git
  revision: 65b1e744defa208e313703d89f3453447cc103b2
  specs:
    rake-pipeline (0.8.0)
      json
      rake (~> 10.0.0)
      thor

GIT
  remote: git://github.com/wycats/rake-pipeline-web-filters.git
  revision: fd8d838491bd6b8de0bab72d90115b9a4f2da8a1
  specs:
    rake-pipeline-web-filters (0.6.0)
      rack
      rake-pipeline (~> 0.6)

GEM
  remote: http://rubygems.org/
  specs:
    chunky_png (1.2.7)
    compass (0.12.2)
      chunky_png (~> 1.2)
      fssm (>= 0.2.7)
      sass (~> 3.1)
    fssm (0.2.10)
    json (1.7.7)
    rack (1.5.2)
    rack-streaming-proxy (1.0.3)
      rack (>= 1.0)
      servolux (~> 0.8.1)
    rake (10.0.3)
    sass (3.1.21)
    servolux (0.8.1)
    thor (0.17.0)

PLATFORMS
  ruby

DEPENDENCIES
  compass (~> 0.12.1)
  rack-streaming-proxy (~> 1.0.3)
  rake-pipeline (~> 0.8.0)!
  rake-pipeline-web-filters (~> 0.6.0)!
  sass (~> 3.1.17)
